GEM
  remote: https://rubygems.org/
  specs:
    bson (4.15.0)
    mongo (2.18.1)
      bson (>= 4.14.1, < 5.0.0)
    multi_json (1.15.0)
    mustermann (3.0.0)
      ruby2_keywords (~> 0.0.1)
    rack (2.2.4)
    rack-contrib (2.3.0)
      rack (~> 2.0)
    rack-protection (3.0.3)
      rack
    rackup (0.1.0)
      rack
      webrick
    ruby2_keywords (0.0.5)
    sinatra (3.0.3)
      mustermann (~> 3.0)
      rack (~> 2.2, >= 2.2.4)
      rack-protection (= 3.0.3)
      tilt (~> 2.0)
    sinatra-contrib (3.0.3)
      multi_json
      mustermann (~> 3.0)
      rack-protection (= 3.0.3)
      sinatra (= 3.0.3)
      tilt (~> 2.0)
    sinatra-cors (1.2.0)
    tilt (2.0.11)
    webrick (1.7.0)

PLATFORMS
  x86_64-linux

DEPENDENCIES
  mongo (~> 2)
  rack
  rack-contrib
  rackup
  sinatra
  sinatra-contrib
  sinatra-cors
  webrick

BUNDLED WITH
   2.3.21
